GIT
  remote: git://github.com/adaoraul/rack-jekyll.git
  revision: 6a4b832c5b2350c8c1263b534ebf02135deb6363
  ref: 6a4b832c5b2350c8c1263b534ebf02135deb6363
  specs:
    rack-jekyll (0.4.0)
      jekyll (>= 0.12.0, < 2.0)
      rack (~> 1.5.0)

GEM
  remote: https://rubygems.org/
  specs:
    classifier (1.3.3)
      fast-stemmer (>= 1.0.0)
    colorator (0.1)
    commander (4.1.5)
      highline (~> 1.6.11)
    fast-stemmer (1.0.2)
    ffi (1.9.3)
    highline (1.6.20)
    jekyll (1.3.1)
      classifier (~> 1.3)
      colorator (~> 0.1)
      commander (~> 4.1.3)
      liquid (~> 2.5.2)
      listen (~> 1.3)
      maruku (~> 0.6.0)
      pygments.rb (~> 0.5.0)
      redcarpet (~> 2.3.0)
      safe_yaml (~> 0.9.7)
    kgio (2.8.1)
    liquid (2.5.4)
    listen (1.3.1)
      rb-fsevent (>= 0.9.3)
      rb-inotify (>= 0.9)
      rb-kqueue (>= 0.2)
    maruku (0.6.1)
      syntax (>= 1.0.0)
    mini_magick (3.7.0)
      subexec (~> 0.2.1)
    posix-spawn (0.3.6)
    pygments.rb (0.5.4)
      posix-spawn (~> 0.3.6)
      yajl-ruby (~> 1.1.0)
    rack (1.5.2)
    raindrops (0.12.0)
    rb-fsevent (0.9.3)
    rb-inotify (0.9.2)
      ffi (>= 0.5.0)
    rb-kqueue (0.2.0)
      ffi (>= 0.5.0)
    rdiscount (2.1.7)
    redcarpet (2.3.0)
    safe_yaml (0.9.7)
    subexec (0.2.3)
    syntax (1.0.0)
    unicorn (4.7.0)
      kgio (~> 2.6)
      rack
      raindrops (~> 0.7)
    yajl-ruby (1.1.0)

PLATFORMS
  ruby

DEPENDENCIES
  jekyll
  mini_magick
  rack-jekyll!
  rdiscount
  unicorn
